GEM
  remote: https://rubygems.org/
  specs:
    bootstrap-sass (2.3.2.1)
      sass (~> 3.2)
    sass (3.2.10)

PLATFORMS
  ruby

DEPENDENCIES
  bootstrap-sass
